ObjectType = Image
NDims = 3
BinaryData = True
BinaryDataByteOrderMSB = False
CompressedData = False
TransformMatrix = 1 0 0 0 1 0 0 0 1
Offset = -182.5 -48.5 -327.5
CenterOfRotation = 0 0 0
AnatomicalOrientation = RAI
ElementSpacing = 0.697266 0.697266 0.7
DimSize = 512 512 459
ElementType = MET_UCHAR
ElementDataFile = VESSEL12_21.raw
