ObjectType = Image
NDims = 3
BinaryData = True
BinaryDataByteOrderMSB = False
CompressedData = False
TransformMatrix = 1 0 0 0 1 0 0 0 1
Offset = -166.242 -52.8895 -307.5
CenterOfRotation = 0 0 0
AnatomicalOrientation = RAI
ElementSpacing = 0.646484 0.646484 0.7
DimSize = 512 512 418
ElementType = MET_UCHAR
ElementDataFile = VESSEL12_23.raw
